PATH
  remote: checked_deps
  specs:
    checked_deps (0.0.1)
      dry-auto_inject
      dry-container

GEM
  remote: https://rubygems.org/
  specs:
    concurrent-ruby (1.1.10)
    dry-auto_inject (0.9.0)
      dry-container (>= 0.3.4)
    dry-container (0.10.1)
      concurrent-ruby (~> 1.0)

PLATFORMS
  ruby

DEPENDENCIES
  checked_deps!

BUNDLED WITH
   2.1.4
