GEM
  remote: https://rubygems.org/
  specs:
    byebug (11.1.3)
    coderay (1.1.3)
    concurrent-ruby (1.1.10)
    dry-auto_inject (0.9.0)
      dry-container (>= 0.3.4)
    dry-container (0.10.1)
      concurrent-ruby (~> 1.0)
    method_source (1.0.0)
    pry (0.14.1)
      coderay (~> 1.1)
      method_source (~> 1.0)

PLATFORMS
  ruby

DEPENDENCIES
  byebug (~> 11.1)
  dry-auto_inject (~> 0.9.0)
  dry-container (~> 0.10.1)
  pry (~> 0.14.1)

BUNDLED WITH
   2.1.4
